GEM
  remote: http://rubygems.org/
  specs:
    ansi (1.3.0)
    dotfiles-installer (0.0.1)
      ansi (~> 1.3)
    rake (0.9.2)

PLATFORMS
  ruby

DEPENDENCIES
  dotfiles-installer
  rake (~> 0.9.2)
